GEM
  remote: https://rubygems.org/
  specs:
    facter (2.5.7)
    hiera (1.3.4)
      json_pure
    json (2.3.1)
    json_pure (2.3.1)
    librarian-puppet (0.9.9)
      json
      thor (~> 0.15)
    puppet (3.6.2)
      facter (> 1.6, < 3)
      hiera (~> 1.0)
      json_pure
      rgen (~> 0.6.5)
    rgen (0.6.6)
    thor (0.18.1)

PLATFORMS
  ruby

DEPENDENCIES
  librarian-puppet
  puppet (>= 3.2)
